PATH
  remote: ../..
  specs:
    veracode_api_signing (1.0.1)

GEM
  remote: https://rubygems.org/
  specs:
    faraday (2.2.0)
      faraday-net_http (~> 2.0)
      ruby2_keywords (>= 0.0.4)
    faraday-net_http (2.0.1)
    ruby2_keywords (0.0.5)

PLATFORMS
  ruby

DEPENDENCIES
  faraday
  veracode_api_signing!

BUNDLED WITH
   2.3.9
