PATH
  remote: ../..
  specs:
    veracode_api_signing (0.1.0)

GEM
  remote: https://rubygems.org/
  specs:

PLATFORMS
  x86_64-darwin-17

DEPENDENCIES
  veracode_api_signing!

BUNDLED WITH
   2.2.30
