PATH
  remote: ../..
  specs:
    veracode_api_signing (1.0.1)

GEM
  remote: https://rubygems.org/
  specs:

PLATFORMS
  arm64-darwin-20
  arm64-darwin-21
  x86_64-darwin-17

DEPENDENCIES
  veracode_api_signing!

BUNDLED WITH
   2.3.9
